GIT
  remote: https://github.com/ai/evil-front.git
  revision: 9cd21ff884c7ac3cf468010aaccd2dc1ed36826a
  ref: 9cd21ff884c7ac3cf468010aaccd2dc1ed36826a
  specs:
    evil-front (0.1)
      autoprefixer-rails (>= 0.5)
      coffee-script (>= 2.2.0)
      csso-rails (>= 0.3)
      evil-blocks-rails (>= 0.2)
      jquery-cdn (>= 1)
      rails-sass-images (>= 0.3)
      sass (>= 3.2.9)
      slim (>= 1.3.9)
      sprockets (>= 1)
      standalone_typograf (>= 2)
      uglifier (>= 2.1.1)
      unicode_utils (>= 1.4)

GIT
  remote: https://github.com/petrovich/petrovich-ruby.git
  revision: afec4b15ff5b92caad13e23c63800a56217801e8
  submodules: true
  specs:
    petrovich (1.1.4)

GEM
  remote: https://rubygems.org/
  specs:
    activesupport (6.0.3.2)
      concurrent-ruby (~> 1.0, >= 1.0.2)
      i18n (>= 0.7, < 2)
      minitest (~> 5.1)
      tzinfo (~> 1.1)
      zeitwerk (~> 2.2, >= 2.2.2)
    autoprefixer-rails (0.8.20131213)
      execjs
    backports (3.18.1)
    coffee-script (2.4.1)
      coffee-script-source
      execjs
    coffee-script-source (1.12.2)
    concurrent-ruby (1.1.6)
    csso-rails (0.8.2)
      execjs (>= 1)
    dimensions (1.3.0)
    evil-blocks-rails (0.4.2)
      sprockets (>= 2)
    execjs (2.7.0)
    ffi (1.13.1)
    hike (1.2.3)
    i18n (1.8.3)
      concurrent-ruby (~> 1.0)
    jquery-cdn (3.3.1)
      sprockets (>= 2)
    mime-types (3.3.1)
      mime-types-data (~> 3.2015)
    mime-types-data (3.2020.0512)
    minitest (5.14.1)
    multi_json (1.7.9)
    nio4r (2.5.7)
    puma (5.3.2)
      nio4r (~> 2.0)
    rack (1.6.13)
    rack-protection (1.5.5)
      rack
    rack-test (1.1.0)
      rack (>= 1.0, < 3)
    rails-sass-images (1.0.3)
      dimensions (> 0)
      mime-types (> 0)
      sass (> 0)
    rake (13.0.6)
    rb-fsevent (0.10.4)
    rb-inotify (0.10.1)
      ffi (~> 1.0)
    sass (3.7.4)
      sass-listen (~> 4.0.0)
    sass-listen (4.0.0)
      rb-fsevent (~> 0.9, >= 0.9.4)
      rb-inotify (~> 0.9, >= 0.9.7)
    sinatra (1.4.8)
      rack (~> 1.5)
      rack-protection (~> 1.4)
      tilt (>= 1.3, < 3)
    sinatra-asset-pipeline (0.2.1)
      coffee-script
      rake
      sass
      sinatra
      sprockets
      sprockets-helpers
      sprockets-sass
    sinatra-contrib (1.4.7)
      backports (>= 2.0)
      multi_json
      rack-protection
      rack-test
      sinatra (~> 1.4.0)
      tilt (>= 1.3, < 3)
    slim (2.0.3)
      temple (~> 0.6.6)
      tilt (>= 1.3.3, < 2.1)
    sprockets (2.12.5)
      hike (~> 1.2)
      multi_json (~> 1.0)
      rack (~> 1.0)
      tilt (~> 1.1, != 1.3.0)
    sprockets-helpers (1.0.1)
      sprockets (~> 2.0)
    sprockets-sass (1.3.1)
      sprockets (~> 2.0)
      tilt (~> 1.1)
    standalone_typograf (3.0.2)
      activesupport
    temple (0.6.10)
    thread_safe (0.3.6)
    tilt (1.4.1)
    tzinfo (1.2.7)
      thread_safe (~> 0.1)
    uglifier (4.2.0)
      execjs (>= 0.3.0, < 3)
    unicode_utils (1.4.0)
    zeitwerk (2.3.1)

PLATFORMS
  ruby

DEPENDENCIES
  autoprefixer-rails (~> 0.8.20130911)
  evil-blocks-rails (~> 0.4.1)
  evil-front!
  multi_json (~> 1.7.7)
  petrovich!
  puma
  rails-sass-images (~> 1.0.3)
  rake
  sinatra (~> 1.4.3)
  sinatra-asset-pipeline (~> 0.2.0)
  sinatra-contrib (~> 1.4.0)
  slim (~> 2.0.1)
  sprockets-helpers (~> 1.0.1)

BUNDLED WITH
   2.1.4
