GIT
  remote: https://github.com/ai/evil-front.git
  revision: 9cd21ff884c7ac3cf468010aaccd2dc1ed36826a
  ref: 9cd21ff884c7ac3cf468010aaccd2dc1ed36826a
  specs:
    evil-front (0.1)
      autoprefixer-rails (>= 0.5)
      coffee-script (>= 2.2.0)
      csso-rails (>= 0.3)
      evil-blocks-rails (>= 0.2)
      jquery-cdn (>= 1)
      rails-sass-images (>= 0.3)
      sass (>= 3.2.9)
      slim (>= 1.3.9)
      sprockets (>= 1)
      standalone_typograf (>= 2)
      uglifier (>= 2.1.1)
      unicode_utils (>= 1.4)

GIT
  remote: https://github.com/petrovich/petrovich-ruby.git
  revision: 794e2f8f35012b753df9340820982713923674ee
  submodules: true
  specs:
    petrovich (1.1.5)

GEM
  remote: https://rubygems.org/
  specs:
    activesupport (7.1.2)
      base64
      bigdecimal
      concurrent-ruby (~> 1.0, >= 1.0.2)
      connection_pool (>= 2.2.5)
      drb
      i18n (>= 1.6, < 2)
      minitest (>= 5.1)
      mutex_m
      tzinfo (~> 2.0)
    autoprefixer-rails (0.8.20131213)
      execjs
    backports (3.24.1)
    base64 (0.2.0)
    bigdecimal (3.1.5)
    coffee-script (2.4.1)
      coffee-script-source
      execjs
    coffee-script-source (1.12.2)
    concurrent-ruby (1.2.2)
    connection_pool (2.4.1)
    csso-rails (1.0.0)
      execjs (>= 1)
    dimensions (1.3.0)
    drb (2.2.0)
      ruby2_keywords
    evil-blocks-rails (0.4.2)
      sprockets (>= 2)
    execjs (2.9.1)
    ffi (1.16.3)
    hike (1.2.3)
    i18n (1.14.1)
      concurrent-ruby (~> 1.0)
    jquery-cdn (3.3.1)
      sprockets (>= 2)
    mime-types (3.5.1)
      mime-types-data (~> 3.2015)
    mime-types-data (3.2023.1205)
    minitest (5.20.0)
    multi_json (1.7.9)
    mutex_m (0.2.0)
    nio4r (2.7.4)
    puma (6.5.0)
      nio4r (~> 2.0)
    rack (1.6.13)
    rack-protection (1.5.5)
      rack
    rack-test (2.1.0)
      rack (>= 1.3)
    rails-sass-images (1.0.3)
      dimensions (> 0)
      mime-types (> 0)
      sass (> 0)
    rake (13.2.1)
    rb-fsevent (0.11.2)
    rb-inotify (0.10.1)
      ffi (~> 1.0)
    ruby2_keywords (0.0.5)
    sass (3.7.4)
      sass-listen (~> 4.0.0)
    sass-listen (4.0.0)
      rb-fsevent (~> 0.9, >= 0.9.4)
      rb-inotify (~> 0.9, >= 0.9.7)
    sinatra (1.4.8)
      rack (~> 1.5)
      rack-protection (~> 1.4)
      tilt (>= 1.3, < 3)
    sinatra-asset-pipeline (0.2.1)
      coffee-script
      rake
      sass
      sinatra
      sprockets
      sprockets-helpers
      sprockets-sass
    sinatra-contrib (1.4.7)
      backports (>= 2.0)
      multi_json
      rack-protection
      rack-test
      sinatra (~> 1.4.0)
      tilt (>= 1.3, < 3)
    slim (2.0.3)
      temple (~> 0.6.6)
      tilt (>= 1.3.3, < 2.1)
    sprockets (2.12.5)
      hike (~> 1.2)
      multi_json (~> 1.0)
      rack (~> 1.0)
      tilt (~> 1.1, != 1.3.0)
    sprockets-helpers (1.0.1)
      sprockets (~> 2.0)
    sprockets-sass (1.3.1)
      sprockets (~> 2.0)
      tilt (~> 1.1)
    standalone_typograf (3.0.2)
      activesupport
    temple (0.6.10)
    tilt (1.4.1)
    tzinfo (2.0.6)
      concurrent-ruby (~> 1.0)
    uglifier (4.2.0)
      execjs (>= 0.3.0, < 3)
    unicode_utils (1.4.0)

PLATFORMS
  ruby

DEPENDENCIES
  autoprefixer-rails (~> 0.8.20130911)
  evil-blocks-rails (~> 0.4.1)
  evil-front!
  multi_json (~> 1.7.7)
  petrovich!
  puma
  rails-sass-images (~> 1.0.3)
  rake
  sinatra (~> 1.4.3)
  sinatra-asset-pipeline (~> 0.2.0)
  sinatra-contrib (~> 1.4.0)
  slim (~> 2.0.1)
  sprockets-helpers (~> 1.0.1)

BUNDLED WITH
   2.4.10
