GIT
  remote: git://github.com/ai/evil-front.git
  revision: 0b94a015571ed6baea7ce6093e3afc442bfbdd7b
  specs:
    evil-front (0.1)
      autoprefixer-rails (>= 0.5)
      coffee-script (>= 2.2.0)
      csso-rails (>= 0.3)
      evil-blocks-rails (>= 0.2)
      rails-sass-images (>= 0.3)
      sass (>= 3.2.9)
      slim (>= 1.3.9)
      sprockets (>= 1)
      standalone_typograf (>= 2)
      uglifier (>= 2.1.1)
      unicode_utils (>= 1.4)

GEM
  remote: https://rubygems.org/
  specs:
    autoprefixer-rails (0.7.20130810)
      execjs
    backports (3.3.3)
    capistrano (2.15.5)
      highline
      net-scp (>= 1.0.0)
      net-sftp (>= 2.0.0)
      net-ssh (>= 2.0.14)
      net-ssh-gateway (>= 1.1.0)
    coffee-script (2.2.0)
      coffee-script-source
      execjs
    coffee-script-source (1.6.3)
    csso-rails (0.3.0)
      execjs (~> 1.4)
    dimensions (1.2.0)
    eventmachine (1.0.3)
    evil-blocks-rails (0.3.2)
      sprockets (>= 2)
    execjs (1.4.0)
      multi_json (~> 1.0)
    highline (1.6.19)
    hike (1.2.3)
    kgio (2.8.0)
    libv8 (3.16.14.3)
    mime-types (1.24)
    multi_json (1.7.7)
    net-scp (1.1.2)
      net-ssh (>= 2.6.5)
    net-sftp (2.1.2)
      net-ssh (>= 2.6.5)
    net-ssh (2.6.8)
    net-ssh-gateway (1.2.0)
      net-ssh (>= 2.6.5)
    petrovich (0.1.2)
      unicode_utils (~> 1.4)
    rack (1.5.2)
    rack-protection (1.5.0)
      rack
    rack-test (0.6.2)
      rack (>= 1.0)
    rails-sass-images (0.3)
      dimensions (> 0)
      mime-types (> 0)
      sass (> 0)
      sprockets (> 0)
    raindrops (0.11.0)
    rake (10.1.0)
    ref (1.0.5)
    sass (3.2.10)
    sinatra (1.4.3)
      rack (~> 1.4)
      rack-protection (~> 1.4)
      tilt (~> 1.3, >= 1.3.4)
    sinatra-asset-pipeline (0.2.0)
      coffee-script
      rake
      sass
      sinatra
      sprockets
      sprockets-helpers
      sprockets-sass
    sinatra-contrib (1.4.0)
      backports (>= 2.0)
      eventmachine
      rack-protection
      rack-test
      sinatra (~> 1.4.2)
      tilt (~> 1.3)
    slim (2.0.1)
      temple (~> 0.6.6)
      tilt (>= 1.3.3, < 2.1)
    sprockets (2.10.0)
      hike (~> 1.2)
      multi_json (~> 1.0)
      rack (~> 1.0)
      tilt (~> 1.1, != 1.3.0)
    sprockets-helpers (1.0.1)
      sprockets (~> 2.0)
    sprockets-sass (1.0.1)
      sprockets (~> 2.0)
      tilt (~> 1.1)
    standalone_typograf (2.0.2)
    temple (0.6.6)
    therubyracer (0.12.0)
      libv8 (~> 3.16.14.0)
      ref
    tilt (1.4.1)
    uglifier (2.1.2)
      execjs (>= 0.3.0)
      multi_json (~> 1.0, >= 1.0.2)
    unicode_utils (1.4.0)
    unicorn (4.6.3)
      kgio (~> 2.6)
      rack
      raindrops (~> 0.7)

PLATFORMS
  ruby

DEPENDENCIES
  capistrano (= 2.15.5)
  evil-front!
  multi_json (= 1.7.7)
  petrovich (~> 0.1)
  sinatra (= 1.4.3)
  sinatra-asset-pipeline (= 0.2.0)
  sinatra-contrib (= 1.4.0)
  therubyracer (= 0.12.0)
  unicorn (= 4.6.3)
